GEM
  remote: http://rubygems.org/
  specs:
    activesupport (3.2.13)
      i18n (= 0.6.1)
      multi_json (~> 1.0)
    i18n (0.6.1)
    json (1.8.0)
    multi_json (1.7.4)
    nokogiri (1.5.9)
    pg (0.15.1)
    sequel (3.48.0)
    thor (0.18.1)

PLATFORMS
  ruby

DEPENDENCIES
  activesupport
  json
  nokogiri
  pg
  sequel
  thor
